PATH
  remote: .
  specs:
    heroku (1.18.2)
      launchy (~> 0.3.2)
      rest-client (>= 1.4.0, < 1.7.0)

GEM
  remote: http://rubygems.org/
  specs:
    addressable (2.2.2)
    configuration (1.2.0)
    crack (0.1.8)
    fakefs (0.3.1)
    launchy (0.3.7)
      configuration (>= 0.0.5)
      rake (>= 0.8.1)
    mime-types (1.16)
    rake (0.8.7)
    rest-client (1.6.1)
      mime-types (>= 1.16)
    rspec (1.3.1)
    webmock (1.5.0)
      addressable (>= 2.2.2)
      crack (>= 0.1.7)

PLATFORMS
  ruby

DEPENDENCIES
  fakefs (~> 0.3.1)
  heroku!
  rake
  rspec (~> 1.3.0)
  webmock (~> 1.5.0)
