PATH
  remote: .
  specs:
    heroku (1.10.11)
      json_pure (>= 1.2.0, < 1.5.0)
      launchy (~> 0.3.2)
      rest-client (>= 1.4.0, < 1.7.0)

GEM
  remote: http://rubygems.org/
  specs:
    addressable (2.2.1)
    configuration (1.1.0)
    json_pure (1.4.6)
    launchy (0.3.7)
      configuration (>= 0.0.5)
      rake (>= 0.8.1)
    mime-types (1.16)
    rack (1.2.1)
    rake (0.8.7)
    rest-client (1.6.1)
      mime-types (>= 1.16)
    rspec (1.2.9)
    sequel (3.15.0)
    sinatra (1.0)
      rack (>= 1.0)
    sqlite3-ruby (1.3.1)
    taps (0.3.13)
      json_pure (>= 1.2.0, < 1.5.0)
      rack (>= 1.0.1)
      rest-client (>= 1.4.0, < 1.7.0)
      sequel (~> 3.15.0)
      sinatra (~> 1.0.0)
      sqlite3-ruby (~> 1.2)
    webmock (1.2.2)
      addressable (>= 2.1.1)

PLATFORMS
  ruby

DEPENDENCIES
  heroku!
  json_pure (>= 1.2.0, < 1.5.0)
  launchy (~> 0.3.2)
  rake
  rest-client (>= 1.4.0, < 1.7.0)
  rspec (~> 1.2.0)
  taps (~> 0.3.11)
  webmock (~> 1.2.2)
